GEM
  remote: http://rubygems.org/
  specs:
    git (1.2.5)
    haml (3.1.1)
    jeweler (1.6.2)
      bundler (~> 1.0)
      git (>= 1.2.5)
      rake
    rake (0.9.1)
    rcov (0.9.9)
    shoulda (2.11.3)

PLATFORMS
  ruby

DEPENDENCIES
  bundler (~> 1.0.0)
  haml (>= 2.2)
  jeweler (~> 1.6.2)
  rcov
  shoulda
